GEM
  remote: https://rubygems.org/
  specs:
    autostacker24 (2.3.0)
      aws-sdk-core (~> 2)
      json (~> 2.0)
      json_pure (~> 2.0)
    aws-sdk-core (2.6.9)
      jmespath (~> 1.0)
    jmespath (1.3.1)
    json (2.0.2)
    json_pure (2.0.2)
    rake (11.3.0)

PLATFORMS
  ruby

DEPENDENCIES
  autostacker24
  json
  rake

BUNDLED WITH
   1.13.3
